GEM
  remote: https://rubygems.org/
  specs:
    coderay (1.1.3)
    corefoundation (0.2.0)
      ffi
    ffi (1.15.3)
    keyring (0.4.1)
      ruby-keychain (~> 0.3.2)
      slop (< 4.0)
    method_source (1.0.0)
    pry (0.14.1)
      coderay (~> 1.1)
      method_source (~> 1.0)
    ruby-keychain (0.3.2)
      corefoundation (~> 0.2.0)
      ffi
    slop (3.6.0)

PLATFORMS
  arm64-darwin-20

DEPENDENCIES
  keyring
  pry

BUNDLED WITH
   2.2.15
