GIT
  remote: https://github.com/fcheung/keychain.git
  revision: 82837071d3b111ab3dd657ac9e082e801d6b252d
  specs:
    ruby-keychain (0.3.2)
      ffi
      og-corefoundation (~> 0.2.0)

GEM
  remote: https://rubygems.org/
  specs:
    ast (2.4.2)
    ffi (1.15.5)
    json (2.6.3)
    keyring (0.4.1)
      ruby-keychain (~> 0.3.2)
      slop (< 4.0)
    language_server-protocol (3.17.0.3)
    lint_roller (1.0.0)
    og-corefoundation (0.2.3)
      ffi
    parallel (1.23.0)
    parser (3.2.2.3)
      ast (~> 2.4.1)
      racc
    racc (1.7.1)
    rainbow (3.1.1)
    rake (13.0.6)
    regexp_parser (2.8.1)
    rexml (3.2.5)
    rubocop (1.52.1)
      json (~> 2.3)
      parallel (~> 1.10)
      parser (>= 3.2.2.3)
      rainbow (>= 2.2.2, < 4.0)
      regexp_parser (>= 1.8, < 3.0)
      rexml (>= 3.2.5, < 4.0)
      rubocop-ast (>= 1.28.0, < 2.0)
      ruby-progressbar (~> 1.7)
      unicode-display_width (>= 2.4.0, < 3.0)
    rubocop-ast (1.29.0)
      parser (>= 3.2.1.0)
    rubocop-performance (1.18.0)
      rubocop (>= 1.7.0, < 2.0)
      rubocop-ast (>= 0.4.0)
    ruby-progressbar (1.13.0)
    slop (3.6.0)
    standard (1.29.0)
      language_server-protocol (~> 3.17.0.2)
      lint_roller (~> 1.0)
      rubocop (~> 1.52.0)
      standard-custom (~> 1.0.0)
      standard-performance (~> 1.1.0)
    standard-custom (1.0.1)
      lint_roller (~> 1.0)
    standard-performance (1.1.0)
      lint_roller (~> 1.0)
      rubocop-performance (~> 1.18.0)
    unicode-display_width (2.4.2)

PLATFORMS
  arm64-darwin-20
  arm64-darwin-21
  arm64-darwin-22

DEPENDENCIES
  keyring
  rake
  ruby-keychain!
  standard

BUNDLED WITH
   2.3.16
