GIT
  remote: https://github.com/fcheung/keychain.git
  revision: 82837071d3b111ab3dd657ac9e082e801d6b252d
  specs:
    ruby-keychain (0.3.2)
      ffi
      og-corefoundation (~> 0.2.0)

GEM
  remote: https://rubygems.org/
  specs:
    coderay (1.1.3)
    ffi (1.15.5)
    keyring (0.4.1)
      ruby-keychain (~> 0.3.2)
      slop (< 4.0)
    method_source (1.0.0)
    og-corefoundation (0.2.3)
      ffi
    pry (0.14.1)
      coderay (~> 1.1)
      method_source (~> 1.0)
    slop (3.6.0)

PLATFORMS
  arm64-darwin-20
  arm64-darwin-21

DEPENDENCIES
  keyring
  pry
  ruby-keychain!

BUNDLED WITH
   2.3.16
